GEM
  remote: http://rubygems.org/
  specs:
    json (1.7.3)
    macaddr (1.6.1)
      systemu (~> 2.5.0)
    rack (1.3.6)
    rack-flash (0.1.2)
      rack
    rack-protection (1.2.0)
      rack
    sinatra (1.3.2)
      rack (~> 1.3, >= 1.3.6)
      rack-protection (~> 1.2)
      tilt (~> 1.3, >= 1.3.3)
    systemu (2.5.1)
    test-unit (2.5.1)
    tilt (1.3.3)
    uuid (2.3.5)
      macaddr (~> 1.0)

PLATFORMS
  ruby

DEPENDENCIES
  json
  rack (<= 1.3.6)
  rack-flash
  sinatra
  test-unit
  uuid
